PATH
  remote: .
  specs:
    data_error_library (0.0.1)
      data_error (~> 1.1.3)
      data_error_impl (~> 1.4.3)

GEM
  remote: https://rubygems.org/
  specs:
    argument_type_error (1.0.3)
    data_error (1.1.3)
      argument_type_error (~> 1.0.3)
    data_error_impl (1.4.3)
      data_error (~> 1.1.2)
    docile (1.3.2)
    json (2.3.0)
    minitest (5.14.0)
    rake (12.3.2)
    simplecov (0.17.1)
      docile (~> 1.1)
      json (>= 1.8, < 3)
      simplecov-html (~> 0.10.0)
    simplecov-html (0.10.2)

PLATFORMS
  ruby

DEPENDENCIES
  bundler (~> 2.1.2)
  data_error_library!
  minitest (~> 5.0)
  rake (~> 12.0)
  simplecov (~> 0.17.1)

BUNDLED WITH
   2.1.2
